GEM
  remote: https://rubygems.org/
  specs:
    coderay (1.1.0)
    md2review (1.2.0)
      redcarpet (> 2.0.0)
    method_source (0.8.2)
    pry (0.10.1)
      coderay (~> 1.1.0)
      method_source (~> 0.8.1)
      slop (~> 3.4)
    rake (10.4.2)
    redcarpet (3.2.2)
    review (1.7.2)
    slop (3.6.0)

PLATFORMS
  ruby

DEPENDENCIES
  md2review
  pry
  rake
  review

BUNDLED WITH
   2.5.3
