GEM
  remote: https://rubygems.org/
  specs:
    coderay (1.1.3)
    md2review (1.2.0)
      redcarpet (> 2.0.0)
    method_source (0.9.2)
    pry (0.12.2)
      coderay (~> 1.1.0)
      method_source (~> 0.9.0)
    rake (10.4.2)
    redcarpet (3.2.2)
    review (1.3.0)

PLATFORMS
  ruby

DEPENDENCIES
  md2review
  pry
  rake
  review

BUNDLED WITH
   2.5.3
