GEM
  remote: https://rubygems.org/
  specs:
    coderay (1.1.3)
    image_size (3.4.0)
    md2review (1.12.1)
      redcarpet (> 2.0.0)
    method_source (1.0.0)
    pastel (0.8.0)
      tty-color (~> 0.5)
    pry (0.14.2)
      coderay (~> 1.1)
      method_source (~> 1.0)
    rake (13.2.1)
    redcarpet (3.6.0)
    review (5.9.0)
      image_size
      rexml
      rouge
      rubyzip
      tty-logger
    rexml (3.3.9)
    rouge (4.3.0)
    rubyzip (2.3.2)
    tty-color (0.6.0)
    tty-logger (0.6.0)
      pastel (~> 0.8)

PLATFORMS
  ruby

DEPENDENCIES
  md2review
  pry
  rake
  review

BUNDLED WITH
   2.5.3
