GEM
  remote: https://rubygems.org/
  specs:
    coderay (1.1.3)
    csv (3.3.5)
    image_size (3.4.0)
    md2review (1.12.1)
      redcarpet (> 2.0.0)
    method_source (1.1.0)
    nkf (0.2.0)
    pastel (0.8.0)
      tty-color (~> 0.5)
    pry (0.15.2)
      coderay (~> 1.1)
      method_source (~> 1.0)
    rake (13.3.0)
    redcarpet (3.6.0)
    review (5.10.0)
      csv
      image_size
      nkf
      rexml
      rouge
      rubyzip
      tty-logger
    rexml (3.4.4)
    rouge (4.6.1)
    rubyzip (2.4.1)
    tty-color (0.6.0)
    tty-logger (0.6.0)
      pastel (~> 0.8)

PLATFORMS
  ruby

DEPENDENCIES
  md2review
  pry
  rake
  review

BUNDLED WITH
   2.5.3
